GEM
  specs:
    rack (1.5.2)
    tilt (1.4.1)

PLATFORMS
  ruby

DEPENDENCIES
  rack
  tilt
